GEM
  remote: http://rubygems.org/
  specs:
    abstract (1.0.0)
    actionmailer (3.0.0.beta4)
      actionpack (= 3.0.0.beta4)
      mail (~> 2.2.3)
    actionpack (3.0.0.beta4)
      activemodel (= 3.0.0.beta4)
      activesupport (= 3.0.0.beta4)
      builder (~> 2.1.2)
      erubis (~> 2.6.5)
      i18n (~> 0.4.1)
      rack (~> 1.1.0)
      rack-mount (~> 0.6.3)
      rack-test (~> 0.5.4)
      tzinfo (~> 0.3.16)
    activemodel (3.0.0.beta4)
      activesupport (= 3.0.0.beta4)
      builder (~> 2.1.2)
      i18n (~> 0.4.1)
    activerecord (3.0.0.beta4)
      activemodel (= 3.0.0.beta4)
      activesupport (= 3.0.0.beta4)
      arel (~> 0.4.0)
      tzinfo (~> 0.3.16)
    activeresource (3.0.0.beta4)
      activemodel (= 3.0.0.beta4)
      activesupport (= 3.0.0.beta4)
    activesupport (3.0.0.beta4)
    arel (0.4.0)
      activesupport (>= 3.0.0.beta)
    builder (2.1.2)
    capybara (0.3.9)
      culerity (>= 0.2.4)
      mime-types (>= 1.16)
      nokogiri (>= 1.3.3)
      rack (>= 1.0.0)
      rack-test (>= 0.5.4)
      selenium-webdriver (>= 0.0.3)
    columnize (0.3.1)
    configuration (1.1.0)
    cucumber (0.8.5)
      builder (~> 2.1.2)
      diff-lcs (~> 1.1.2)
      gherkin (~> 2.1.4)
      json_pure (~> 1.4.3)
      term-ansicolor (~> 1.0.4)
    cucumber-rails (0.3.2)
      cucumber (>= 0.8.0)
    culerity (0.2.12)
    database_cleaner (0.5.2)
    diff-lcs (1.1.2)
    email_spec (1.0.0)
    erubis (2.6.6)
      abstract (>= 1.0.0)
    ffi (0.6.3)
      rake (>= 0.8.7)
    gherkin (2.1.5)
      trollop (~> 1.16.2)
    haml (3.0.17)
    i18n (0.4.1)
    json_pure (1.4.6)
    launchy (0.3.7)
      configuration (>= 0.0.5)
      rake (>= 0.8.1)
    linecache (0.43)
    mail (2.2.5)
      activesupport (>= 2.3.6)
      mime-types
      treetop (>= 1.4.5)
    mime-types (1.16)
    nokogiri (1.4.3.1)
    polyglot (0.3.1)
    rack (1.1.0)
    rack-mount (0.6.12)
      rack (>= 1.0.0)
    rack-test (0.5.4)
      rack (>= 1.0)
    rails (3.0.0.beta4)
      actionmailer (= 3.0.0.beta4)
      actionpack (= 3.0.0.beta4)
      activerecord (= 3.0.0.beta4)
      activeresource (= 3.0.0.beta4)
      activesupport (= 3.0.0.beta4)
      bundler (>= 0.9.26)
      railties (= 3.0.0.beta4)
    railties (3.0.0.beta4)
      actionpack (= 3.0.0.beta4)
      activesupport (= 3.0.0.beta4)
      rake (>= 0.8.3)
      thor (~> 0.13.6)
    rake (0.8.7)
    rspec (2.0.0.beta.20)
      rspec-core (= 2.0.0.beta.20)
      rspec-expectations (= 2.0.0.beta.20)
      rspec-mocks (= 2.0.0.beta.20)
    rspec-core (2.0.0.beta.20)
    rspec-expectations (2.0.0.beta.20)
      diff-lcs (>= 1.1.2)
    rspec-mocks (2.0.0.beta.20)
    ruby-debug (0.10.3)
      columnize (>= 0.1)
      ruby-debug-base (~> 0.10.3.0)
    ruby-debug-base (0.10.3)
      linecache (>= 0.3)
    rubyzip (0.9.4)
    selenium-webdriver (0.0.28)
      ffi (>= 0.6.1)
      json_pure
      rubyzip
    spork (0.8.4)
    sqlite3-ruby (1.3.1)
    term-ansicolor (1.0.5)
    thor (0.13.8)
    treetop (1.4.8)
      polyglot (>= 0.3.1)
    trollop (1.16.2)
    tzinfo (0.3.23)

PLATFORMS
  ruby

DEPENDENCIES
  capybara
  cucumber
  cucumber-rails
  database_cleaner
  email_spec
  haml
  launchy
  rails (= 3.0.0.beta4)
  rspec (>= 2.0.0.beta.19)
  ruby-debug
  spork
  sqlite3-ruby
